GIT
  remote: git://github.com/SoftSwiss/swfobject-rails.git
  revision: fcc89bce4d10173522699d07d8bc0cff402d0f0c
  specs:
    swfobject-rails (1.1.1)
      rails (>= 3.2)

GIT
  remote: git://github.com/bradphelan/jasminerice.git
  revision: 091349c27343bfa728b8e5745675f9ddbb7d9699
  specs:
    jasminerice (0.1.0)
      coffee-rails

GIT
  remote: git://github.com/mindstems/zclip-rails.git
  revision: fb9c8005c31ceadbfc63baeedfa0d9016cb483da
  specs:
    zclip-rails (0.0.2)
      jquery-rails (>= 1.0.17)
      railties (>= 3.1)

GEM
  remote: https://rubygems.org/
  specs:
    actionmailer (4.0.0)
      actionpack (= 4.0.0)
      mail (~> 2.5.3)
    actionpack (4.0.0)
      activesupport (= 4.0.0)
      builder (~> 3.1.0)
      erubis (~> 2.7.0)
      rack (~> 1.5.2)
      rack-test (~> 0.6.2)
    activemodel (4.0.0)
      activesupport (= 4.0.0)
      builder (~> 3.1.0)
    activerecord (4.0.0)
      activemodel (= 4.0.0)
      activerecord-deprecated_finders (~> 1.0.2)
      activesupport (= 4.0.0)
      arel (~> 4.0.0)
    activerecord-deprecated_finders (1.0.3)
    activesupport (4.0.0)
      i18n (~> 0.6, >= 0.6.4)
      minitest (~> 4.2)
      multi_json (~> 1.3)
      thread_safe (~> 0.1)
      tzinfo (~> 0.3.37)
    addressable (2.3.5)
    airbrake (3.1.14)
      builder
      json
    arel (4.0.1)
    atomic (1.1.14)
    attr_encrypted (1.3.1)
      encryptor (>= 1.3.0)
    awesome_print (1.2.0)
    aws-sdk (1.3.9)
      httparty (~> 0.7)
      json (~> 1.4)
      nokogiri (>= 1.4.4)
      uuidtools (~> 2.1)
    better_errors (1.0.1)
      coderay (>= 1.0.0)
      erubis (>= 2.6.6)
    binding_of_caller (0.7.2)
      debug_inspector (>= 0.0.1)
    bourbon (3.1.8)
      sass (>= 3.2.0)
      thor
    builder (3.1.4)
    capybara (2.2.0)
      mime-types (>= 1.16)
      nokogiri (>= 1.3.3)
      rack (>= 1.0.0)
      rack-test (>= 0.5.4)
      xpath (~> 2.0)
    capybara-webkit (1.1.0)
      capybara (~> 2.0, >= 2.0.2)
      json
    celluloid (0.15.2)
      timers (~> 1.1.0)
    childprocess (0.3.9)
      ffi (~> 1.0, >= 1.0.11)
    climate_control (0.0.3)
      activesupport (>= 3.0)
    cocaine (0.5.3)
      climate_control (>= 0.0.3, < 1.0)
    cocoon (1.2.5)
    coderay (1.1.0)
    coffee-rails (4.0.1)
      coffee-script (>= 2.2.0)
      railties (>= 4.0.0, < 5.0)
    coffee-script (2.2.0)
      coffee-script-source
      execjs
    coffee-script-source (1.6.3)
    daemons (1.1.9)
    database_cleaner (1.2.0)
    debug_inspector (0.0.2)
    delayed_job (4.0.0)
      activesupport (>= 3.0, < 4.1)
    delayed_job_active_record (4.0.0)
      activerecord (>= 3.0, < 4.1)
      delayed_job (>= 3.0, < 4.1)
    diff-lcs (1.2.5)
    docile (1.1.1)
    dotenv (0.9.0)
    email_spec (1.5.0)
      launchy (~> 2.1)
      mail (~> 2.2)
    encryptor (1.3.0)
    erubis (2.7.0)
    eventmachine (1.0.3)
    execjs (2.0.2)
    factory_girl (4.3.0)
      activesupport (>= 3.0.0)
    factory_girl_rails (4.3.0)
      factory_girl (~> 4.3.0)
      railties (>= 3.0.0)
    faraday (0.8.8)
      multipart-post (~> 1.2.0)
    ffi (1.9.3)
    flutie (2.0.0)
    foreman (0.63.0)
      dotenv (>= 0.7)
      thor (>= 0.13.6)
    formatador (0.2.4)
    formtastic (2.2.1)
      actionpack (>= 3.0)
    gherkin (2.12.2)
      multi_json (~> 1.3)
    guard (2.2.4)
      formatador (>= 0.2.4)
      listen (~> 2.1)
      lumberjack (~> 1.0)
      pry (>= 0.9.12)
      thor (>= 0.18.1)
    guard-jasmine (1.19.0)
      childprocess
      guard (>= 2.0.0)
      multi_json
      thor
      tilt
    hashie (2.0.5)
    high_voltage (2.0.0)
    highline (1.6.20)
    hike (1.2.3)
    hirefireapp (0.2.0)
    httparty (0.12.0)
      json (~> 1.8)
      multi_xml (>= 0.5.2)
    httpauth (0.2.0)
    httpclient (2.3.4.1)
    i18n (0.6.9)
    jasmine (1.3.2)
      jasmine-core (~> 1.3.1)
      rack (~> 1.0)
      rspec (>= 1.3.1)
      selenium-webdriver (>= 0.1.3)
    jasmine-core (1.3.1)
    jquery-rails (3.0.4)
      railties (>= 3.0, < 5.0)
      thor (>= 0.14, < 2.0)
    jquery-ui-rails (4.1.0)
      railties (>= 3.1.0)
    json (1.8.1)
    jwt (0.1.8)
      multi_json (>= 1.5)
    launchy (2.4.2)
      addressable (~> 2.3)
    listen (2.4.0)
      celluloid (>= 0.15.2)
      rb-fsevent (>= 0.9.3)
      rb-inotify (>= 0.9)
    lumberjack (1.0.4)
    mail (2.5.4)
      mime-types (~> 1.16)
      treetop (~> 1.4.8)
    mail_view (2.0.1)
      tilt
    method_source (0.8.2)
    mime-types (1.25.1)
    mini_portile (0.5.2)
    minitest (4.7.5)
    msgpack (0.5.6)
    multi_json (1.8.2)
    multi_xml (0.5.5)
    multipart-post (1.2.0)
    newrelic_rpm (3.7.0.177)
    nokogiri (1.6.0)
      mini_portile (~> 0.5.0)
    oauth2 (0.8.1)
      faraday (~> 0.8)
      httpauth (~> 0.1)
      jwt (~> 0.1.4)
      multi_json (~> 1.0)
      rack (~> 1.2)
    oj (2.0.14)
    omniauth (1.1.4)
      hashie (>= 1.2, < 3)
      rack
    omniauth-oauth2 (1.1.1)
      oauth2 (~> 0.8.0)
      omniauth (~> 1.0)
    paperclip (3.5.2)
      activemodel (>= 3.0.0)
      activesupport (>= 3.0.0)
      cocaine (~> 0.5.3)
      mime-types
    pg (0.17.0)
    polyglot (0.3.3)
    pry (0.9.12.4)
      coderay (~> 1.0)
      method_source (~> 0.8)
      slop (~> 3.4)
    quiet_assets (1.0.2)
      railties (>= 3.1, < 5.0)
    rack (1.5.2)
    rack-protection (1.5.1)
      rack
    rack-test (0.6.2)
      rack (>= 1.0)
    rails (4.0.0)
      actionmailer (= 4.0.0)
      actionpack (= 4.0.0)
      activerecord (= 4.0.0)
      activesupport (= 4.0.0)
      bundler (>= 1.3.0, < 2.0)
      railties (= 4.0.0)
      sprockets-rails (~> 2.0.0)
    rails_12factor (0.0.2)
      rails_serve_static_assets
      rails_stdout_logging
    rails_serve_static_assets (0.0.1)
    rails_stdout_logging (0.0.3)
    railties (4.0.0)
      actionpack (= 4.0.0)
      activesupport (= 4.0.0)
      rake (>= 0.8.7)
      thor (>= 0.18.1, < 2.0)
    rake (10.1.0)
    rb-fsevent (0.9.3)
    rb-inotify (0.9.2)
      ffi (>= 0.5.0)
    rest-client (1.6.7)
      mime-types (>= 1.16)
    rspec (2.14.1)
      rspec-core (~> 2.14.0)
      rspec-expectations (~> 2.14.0)
      rspec-mocks (~> 2.14.0)
    rspec-core (2.14.7)
    rspec-expectations (2.14.4)
      diff-lcs (>= 1.1.3, < 2.0)
    rspec-mocks (2.14.4)
    rspec-rails (2.14.0)
      actionpack (>= 3.0)
      activesupport (>= 3.0)
      railties (>= 3.0)
      rspec-core (~> 2.14.0)
      rspec-expectations (~> 2.14.0)
      rspec-mocks (~> 2.14.0)
    rubyzip (1.1.0)
    sass (3.2.12)
    sass-rails (4.0.1)
      railties (>= 4.0.0, < 5.0)
      sass (>= 3.1.10)
      sprockets-rails (~> 2.0.0)
    selenium-webdriver (2.38.0)
      childprocess (>= 0.2.5)
      multi_json (~> 1.0)
      rubyzip (~> 1.0)
      websocket (~> 1.0.4)
    sham_rack (1.3.6)
      rack
    shoulda-matchers (2.4.0)
      activesupport (>= 3.0.0)
    simplecov (0.8.2)
      docile (~> 1.1.0)
      multi_json
      simplecov-html (~> 0.8.0)
    simplecov-html (0.8.0)
    sinatra (1.4.4)
      rack (~> 1.4)
      rack-protection (~> 1.4)
      tilt (~> 1.3, >= 1.3.4)
    slop (3.4.7)
    sprockets (2.10.1)
      hike (~> 1.2)
      multi_json (~> 1.0)
      rack (~> 1.0)
      tilt (~> 1.1, != 1.3.0)
    sprockets-rails (2.0.1)
      actionpack (>= 3.0)
      activesupport (>= 3.0)
      sprockets (~> 2.8)
    sprockets-redirect (0.1.0)
      activesupport (>= 3.1.0)
      rack
    tddium (1.16.2)
      highline
      json
      launchy
      msgpack (= 0.5.6)
      tddium_client (~> 0.4.2)
      thor
    tddium_client (0.4.3)
      httpclient (>= 2.2.5)
      json
    thin (1.6.1)
      daemons (>= 1.0.9)
      eventmachine (>= 1.0.0)
      rack (>= 1.0.0)
    thor (0.18.1)
    thread_safe (0.1.3)
      atomic
    tilt (1.4.1)
    timecop (0.7.0)
    timers (1.1.0)
    treetop (1.4.15)
      polyglot
      polyglot (>= 0.3.1)
    turnip (1.0.0)
      gherkin (>= 2.5)
      rspec (~> 2.0)
    tzinfo (0.3.38)
    uglifier (2.3.2)
      execjs (>= 0.3.0)
      json (>= 1.8.0)
    uuidtools (2.1.4)
    websocket (1.0.7)
    xpath (2.0.0)
      nokogiri (~> 1.3)
    yam (2.0.1)
      addressable (~> 2.3.3)
      multi_json (~> 1.3)
      oj (~> 2.0.10)
      rest-client (~> 1.6.7)

PLATFORMS
  ruby

DEPENDENCIES
  airbrake
  attr_encrypted
  awesome_print
  aws-sdk (~> 1.3.9)
  better_errors
  binding_of_caller
  bourbon
  bundler
  capybara-webkit
  cocoon
  coffee-rails
  database_cleaner
  delayed_job_active_record
  dotenv
  email_spec
  factory_girl_rails
  flutie
  foreman
  formtastic
  guard-jasmine
  high_voltage
  hirefireapp
  jasmine
  jasminerice!
  jquery-rails
  jquery-ui-rails
  launchy
  mail_view
  newrelic_rpm
  omniauth-oauth2
  paperclip
  pg
  pry
  quiet_assets
  rails (= 4.0.0)
  rails_12factor
  rspec-rails (~> 2.14.0)
  sass
  sass-rails
  sham_rack
  shoulda-matchers
  simplecov
  sinatra
  sprockets-redirect
  swfobject-rails!
  tddium
  thin
  timecop
  turnip (= 1.0)
  uglifier
  yam (~> 2.0.0)
  zclip-rails!
